PATH
  remote: .
  specs:
    donffer (0.1.0)
      activesupport (>= 5.2, < 8.0)
      optimist (~> 3.0.0)

GEM
  remote: https://rubygems.org/
  specs:
    activesupport (7.0.4.2)
      concurrent-ruby (~> 1.0, >= 1.0.2)
      i18n (>= 1.6, < 2)
      minitest (>= 5.1)
      tzinfo (~> 2.0)
    concurrent-ruby (1.2.0)
    i18n (1.12.0)
      concurrent-ruby (~> 1.0)
    minitest (5.14.4)
    optimist (3.0.1)
    rake (12.3.3)
    tzinfo (2.0.6)
      concurrent-ruby (~> 1.0)

PLATFORMS
  ruby

DEPENDENCIES
  bundler (~> 2.0)
  donffer!
  minitest (~> 5.14.4)
  rake (~> 12.0)

BUNDLED WITH
   2.2.20
