PATH
  remote: .
  specs:
    donffer (0.1.0)
      linguistics (~> 2.1.0)
      optimist (~> 3.0.0)

GEM
  remote: https://rubygems.org/
  specs:
    linguistics (2.1.0)
      loggability (~> 0.11)
    loggability (0.14.0)
    minitest (5.11.3)
    optimist (3.0.0)
    rake (10.5.0)

PLATFORMS
  ruby

DEPENDENCIES
  bundler (~> 1.16)
  donffer!
  minitest (~> 5.0)
  rake (~> 10.0)

BUNDLED WITH
   1.16.4
